GEM
  remote: https://rubygems.org/
  specs:
    aws-sdk (2.1.21)
      aws-sdk-resources (= 2.1.21)
    aws-sdk-core (2.1.21)
      jmespath (~> 1.0)
    aws-sdk-resources (2.1.21)
      aws-sdk-core (= 2.1.21)
    crowdflower (0.12.0)
      httparty (>= 0.7.4)
    httparty (0.13.5)
      json (~> 1.8)
      multi_xml (>= 0.5.2)
    jmespath (1.0.2)
      multi_json (~> 1.0)
    json (1.8.3)
    multi_json (1.11.2)
    multi_xml (0.5.5)
    rack (1.6.4)
    rack-protection (1.5.3)
      rack
    rethinkdb (2.1.0.1)
      json
    shotgun (0.9.1)
      rack (>= 1.0)
    sinatra (1.4.6)
      rack (~> 1.4)
      rack-protection (~> 1.4)
      tilt (>= 1.3, < 3)
    tilt (2.0.1)

PLATFORMS
  ruby

DEPENDENCIES
  aws-sdk (~> 2)
  crowdflower
  rethinkdb
  shotgun
  sinatra

BUNDLED WITH
   1.10.6
